GIT
  remote: git://github.com/flori/json.git
  revision: 7f4cfd853f2c919d854fb95548a19980feff17e8
  branch: v1.8
  specs:
    json (1.8.6)

GEM
  remote: https://rubygems.org/
  specs:
    actionmailer (2.3.18)
      actionpack (= 2.3.18)
    actionpack (2.3.18)
      activesupport (= 2.3.18)
      rack (~> 1.1.0)
    activerecord (2.3.18)
      activesupport (= 2.3.18)
    activeresource (2.3.18)
      activesupport (= 2.3.18)
    activesupport (2.3.18)
    dryml (1.1.0)
      actionpack (>= 2.2.2, < 3.0.0)
      hobosupport (= 1.1.0)
    hobo (1.1.0)
      dryml (= 1.1.0)
      hobofields (= 1.1.0)
      hobosupport (= 1.1.0)
      rails (>= 2.2.2, < 3.0.0)
      will_paginate (~> 2, >= 2.3.11)
    hobofields (1.1.0)
      hobosupport (= 1.1.0)
      rails (>= 2.2.2, < 3.0.0)
    hobosupport (1.1.0)
    rack (1.1.6)
    rails (2.3.18)
      actionmailer (= 2.3.18)
      actionpack (= 2.3.18)
      activerecord (= 2.3.18)
      activeresource (= 2.3.18)
      activesupport (= 2.3.18)
      rake (>= 0.8.3)
    rake (10.3.2)
    sqlite3 (1.3.9)
    will_paginate (2.3.16)

PLATFORMS
  ruby

DEPENDENCIES
  hobo
  json!
  rails (= 2.3.18)
  sqlite3

BUNDLED WITH
   1.16.0
