GEM
  remote: https://rubygems.org/
  specs:
    actionmailer (2.3.18)
      actionpack (= 2.3.18)
    actionpack (2.3.18)
      activesupport (= 2.3.18)
      rack (~> 1.1.0)
    activerecord (2.3.18)
      activesupport (= 2.3.18)
    activeresource (2.3.18)
      activesupport (= 2.3.18)
    activesupport (2.3.18)
    dryml (1.1.0)
      actionpack (>= 2.2.2, < 3.0.0)
      actionpack (>= 2.2.2, < 3.0.0)
      hobosupport (= 1.1.0)
    hobo (1.1.0)
      dryml (= 1.1.0)
      hobofields (= 1.1.0)
      hobosupport (= 1.1.0)
      rails (>= 2.2.2, < 3.0.0)
      rails (>= 2.2.2, < 3.0.0)
      will_paginate (~> 2, >= 2.3.11)
    hobofields (1.1.0)
      hobosupport (= 1.1.0)
      rails (>= 2.2.2, < 3.0.0)
      rails (>= 2.2.2, < 3.0.0)
    hobosupport (1.1.0)
    json (1.8.1)
    rack (1.1.6)
    rails (2.3.18)
      actionmailer (= 2.3.18)
      actionpack (= 2.3.18)
      activerecord (= 2.3.18)
      activeresource (= 2.3.18)
      activesupport (= 2.3.18)
      rake (>= 0.8.3)
    rake (10.3.2)
    rdoc (4.1.2)
      json (~> 1.4)
    sqlite3 (1.3.9)
    will_paginate (2.3.16)

PLATFORMS
  ruby

DEPENDENCIES
  hobo
  rails (= 2.3.18)
  rdoc
  sqlite3
