GIT
  remote: git://github.com/Hobo/will_paginate.git
  revision: e2bfe0a07c9fd1c6d7bf914e25db5182697ae7c2
  specs:
    will_paginate (3.0.4.hobo)

GEM
  specs:
    actionmailer (2.3.18)
      actionpack (= 2.3.18)
    actionpack (2.3.18)
      activesupport (= 2.3.18)
      rack (~> 1.1.0)
    activerecord (2.3.18)
      activesupport (= 2.3.18)
    activeresource (2.3.18)
      activesupport (= 2.3.18)
    activesupport (2.3.18)
    hobo (1.0.0)
      hobofields (= 1.0.0)
      hobosupport (= 1.0.0)
      rails (>= 2.2.2)
      will_paginate (>= 2.3.11)
    hobofields (1.0.0)
      hobosupport (= 1.0.0)
      rails (>= 2.2.2)
    hobosupport (1.0.0)
    json (1.8.6)
    rack (1.1.6)
    rails (2.3.18)
      actionmailer (= 2.3.18)
      actionpack (= 2.3.18)
      activerecord (= 2.3.18)
      activeresource (= 2.3.18)
      activesupport (= 2.3.18)
      rake (>= 0.8.3)
    rake (10.3.2)
    sqlite3 (1.3.9)

PLATFORMS
  ruby

DEPENDENCIES
  hobo (= 1.0)
  json
  rails (= 2.3.18)
  sqlite3
  will_paginate!

RUBY VERSION
   ruby 1.8.7p376

BUNDLED WITH
   1.16.0
